GEM
  remote: http://ruby.taobao.org/
  specs:
    ProMotion (1.1.2)
      methadone
    bubble-wrap (1.4.0)
    methadone (1.3.1)
      bundler
    rake (10.1.1)

PLATFORMS
  ruby

DEPENDENCIES
  ProMotion (~> 1.1.2)
  bubble-wrap (~> 1.4.0)
  rake
