GEM
  remote: http://ruby.taobao.org/
  specs:
    ProMotion (0.6.5)
    bubble-wrap (1.3.0)
    rake (10.1.1)

PLATFORMS
  ruby

DEPENDENCIES
  ProMotion (~> 0.6.4)
  bubble-wrap (~> 1.3.0)
  rake
